GEM
  remote: https://rubygems.org/
  specs:
    activesupport (5.0.2)
      concurrent-ruby (~> 1.0, >= 1.0.2)
      i18n (~> 0.7)
      minitest (~> 5.1)
      tzinfo (~> 1.1)
    amq-protocol (2.1.0)
    bunny (2.6.4)
      amq-protocol (>= 2.0.1)
    byebug (9.0.6)
    carrot-top (0.0.7)
      json
    coderay (1.1.1)
    concurrent-ruby (1.0.5)
    hutch (0.24.0)
      activesupport (>= 4.2, < 6)
      bunny (>= 2.6.3)
      carrot-top (~> 0.0.7)
      multi_json (~> 1.12)
    i18n (0.8.1)
    json (2.0.3)
    method_source (0.8.2)
    minitest (5.10.1)
    multi_json (1.12.1)
    pry (0.10.4)
      coderay (~> 1.1.0)
      method_source (~> 0.8.1)
      slop (~> 3.4)
    pry-byebug (3.4.2)
      byebug (~> 9.0)
      pry (~> 0.10)
    slop (3.6.0)
    thread_safe (0.3.6)
    tzinfo (1.2.2)
      thread_safe (~> 0.1)

PLATFORMS
  ruby

DEPENDENCIES
  hutch
  pry-byebug

BUNDLED WITH
   1.14.6
